PATH
  remote: .
  specs:
    zapi (0.0.2)

GEM
  remote: http://rubygems.org/
  specs:
    akami (1.1.0)
      gyoku (>= 0.4.0)
      nokogiri (>= 1.5.2)
    builder (3.0.0)
    gyoku (0.4.5)
      builder (>= 2.1.2)
    httpi (1.0.0)
      rack
    nokogiri (1.5.4)
    nori (1.1.0)
    rack (1.4.1)
    savon (1.0.0)
      akami (~> 1.1)
      builder (>= 2.1.2)
      gyoku (>= 0.4.0)
      httpi (~> 1.0)
      nokogiri (>= 1.4.0)
      nori (~> 1.1)
      wasabi (~> 2.2)
    wasabi (2.4.1)
      httpi (~> 1.0)
      nokogiri (>= 1.4.0)

PLATFORMS
  ruby

DEPENDENCIES
  builder
  savon
  zapi!
